GEM
  remote: https://rubygems.org/
  specs:
    concurrent-ruby (1.1.9)
    faker (2.19.0)
      i18n (>= 1.6, < 2)
    i18n (1.8.11)
      concurrent-ruby (~> 1.0)
    pastel (0.8.0)
      tty-color (~> 0.5)
    tty-color (0.6.0)
    tty-cursor (0.7.1)
    tty-prompt (0.23.1)
      pastel (~> 0.8)
      tty-reader (~> 0.8)
    tty-reader (0.9.0)
      tty-cursor (~> 0.7)
      tty-screen (~> 0.8)
      wisper (~> 2.0)
    tty-screen (0.8.1)
    wisper (2.0.1)

PLATFORMS
  x86_64-linux

DEPENDENCIES
  faker (~> 2.19)
  pastel (~> 0.8)
  tty-prompt (~> 0.23.1)

BUNDLED WITH
   2.2.32
